GEM
  remote: https://rubygems.org/
  specs:
    chronic (0.10.2)
    dotenv (2.2.1)
    faraday (0.13.1)
      multipart-post (>= 1.2, < 3)
    httparty (0.15.6)
      multi_xml (>= 0.5.2)
    imgur-api (0.0.4)
      httparty
    jwt (1.5.6)
    libxml-ruby (3.0.0)
    multi_xml (0.6.0)
    multipart-post (2.0.0)
    rmagick (2.16.0)
    sequel (5.0.0)
    sqlite3 (1.3.13)
    twilio-ruby (5.2.3)
      faraday (~> 0.9)
      jwt (~> 1.5)
      libxml-ruby (>= 2.0, < 4.0)
    whenever (0.9.7)
      chronic (>= 0.6.3)

PLATFORMS
  ruby

DEPENDENCIES
  dotenv
  imgur-api
  rmagick
  sequel
  sqlite3
  twilio-ruby (~> 5.2.2)
  whenever

BUNDLED WITH
   1.12.5
